GEM
  remote: https://rubygems.org/
  specs:
    ffi (1.9.10)
    libusb (0.5.1)
      ffi (>= 1.0)
    plist (3.1.0)
    rake (10.4.2)

PLATFORMS
  ruby

DEPENDENCIES
  libusb
  plist
  rake

BUNDLED WITH
   1.11.2
