GEM
  remote: https://rubygems.org/
  specs:
    ffi (1.9.10)
    libusb (0.5.1)
      ffi (>= 1.0)
    plist (3.1.0)

PLATFORMS
  ruby

DEPENDENCIES
  libusb
  plist
